PATH
  remote: .
  specs:
    iterable-api-client (0.3.2)
      multi_json (>= 1.12.0)

GEM
  remote: https://rubygems.org/
  specs:
    addressable (2.8.0)
      public_suffix (>= 2.0.2, < 5.0)
    ast (2.4.2)
    byebug (11.1.3)
    coderay (1.1.3)
    coveralls (0.8.21)
      json (>= 1.8, < 3)
      simplecov (~> 0.14.1)
      term-ansicolor (~> 1.3)
      thor (~> 0.19.4)
      tins (~> 1.6)
    crack (0.4.5)
      rexml
    diff-lcs (1.5.0)
    docile (1.1.5)
    dotenv (2.7.6)
    ethon (0.15.0)
      ffi (>= 1.15.0)
    ffi (1.15.5)
    gemcutter (0.7.1)
    hashdiff (1.0.1)
    json (2.6.2)
    method_source (1.0.0)
    multi_json (1.12.2)
    parallel (1.22.1)
    parser (3.1.2.0)
      ast (~> 2.4.1)
    pry (0.14.1)
      coderay (~> 1.1)
      method_source (~> 1.0)
    pry-byebug (3.8.0)
      byebug (~> 11.0)
      pry (~> 0.10)
    pry-doc (1.3.0)
      pry (~> 0.11)
      yard (~> 0.9.11)
    public_suffix (4.0.7)
    rainbow (3.1.1)
    rake (13.0.6)
    redcarpet (3.5.1)
    regexp_parser (2.4.0)
    rexml (3.2.5)
    rspec (3.6.0)
      rspec-core (~> 3.6.0)
      rspec-expectations (~> 3.6.0)
      rspec-mocks (~> 3.6.0)
    rspec-core (3.6.0)
      rspec-support (~> 3.6.0)
    rspec-expectations (3.6.0)
      diff-lcs (>= 1.2.0, < 2.0)
      rspec-support (~> 3.6.0)
    rspec-mocks (3.6.0)
      diff-lcs (>= 1.2.0, < 2.0)
      rspec-support (~> 3.6.0)
    rspec-support (3.6.0)
    rubocop (0.89.1)
      parallel (~> 1.10)
      parser (>= 2.7.1.1)
      rainbow (>= 2.2.2, < 4.0)
      regexp_parser (>= 1.7)
      rexml
      rubocop-ast (>= 0.3.0, < 1.0)
      ruby-progressbar (~> 1.7)
      unicode-display_width (>= 1.4.0, < 2.0)
    rubocop-ast (0.8.0)
      parser (>= 2.7.1.5)
    ruby-progressbar (1.11.0)
    simplecov (0.14.1)
      docile (~> 1.1.0)
      json (>= 1.8, < 3)
      simplecov-html (~> 0.10.0)
    simplecov-html (0.10.2)
    sync (0.5.0)
    term-ansicolor (1.7.1)
      tins (~> 1.0)
    thor (0.19.4)
    tins (1.31.1)
      sync
    typhoeus (1.4.0)
      ethon (>= 0.9.0)
    unicode-display_width (1.8.0)
    vcr (3.0.3)
    webmock (3.8.3)
      addressable (>= 2.3.6)
      crack (>= 0.3.2)
      hashdiff (>= 0.4.0, < 2.0.0)
    webrick (1.7.0)
    yard (0.9.27)
      webrick (~> 1.7.0)

PLATFORMS
  ruby

DEPENDENCIES
  coveralls (~> 0.8.21)
  dotenv (~> 2.7.1)
  gemcutter (~> 0.7.1)
  iterable-api-client!
  multi_json (~> 1.12.1)
  pry (~> 0.14.1)
  pry-byebug (~> 3.8.0)
  pry-doc (~> 1.3.0)
  rake (~> 13.0.0)
  redcarpet (~> 3.5.0)
  rspec (~> 3.6.0)
  rubocop (~> 0.89.1)
  simplecov (~> 0.14.1)
  typhoeus (~> 1.4.0)
  vcr (~> 3.0.3)
  webmock (~> 3.8.3)
  yard (~> 0.9.11)

BUNDLED WITH
   1.17.2
